

GROUP AsyncRx
RESTRICTION: == netstandard2.0
NUGET
  remote: https://www.nuget.org/api/v2
    FSharp.Core (6.0.6)

GROUP AsyncSeq
RESTRICTION: == netstandard2.1
NUGET
  remote: https://www.nuget.org/api/v2
    FSharp.Control.AsyncRx (1.6)
      FSharp.Core (>= 4.7.2)
    FSharp.Control.AsyncSeq (3.2.1)
      FSharp.Core (>= 4.7.2)
      Microsoft.Bcl.AsyncInterfaces (>= 5.0)
    FSharp.Core (6.0.6)
    Microsoft.Bcl.AsyncInterfaces (6.0)

GROUP Test
RESTRICTION: == net6.0
NUGET
  remote: https://www.nuget.org/api/v2
    coverlet.msbuild (3.1.2)
    Expecto (9.0.4)
      FSharp.Core (>= 4.6)
      Mono.Cecil (>= 0.11.3)
    FSharp.Core (6.0.5)
    Microsoft.CodeCoverage (17.2)
    Microsoft.NET.Test.Sdk (17.2)
      Microsoft.CodeCoverage (>= 17.2)
      Microsoft.TestPlatform.TestHost (>= 17.2)
    Microsoft.TestPlatform.ObjectModel (17.2)
      NuGet.Frameworks (>= 5.11)
      System.Reflection.Metadata (>= 1.6)
    Microsoft.TestPlatform.TestHost (17.2)
      Microsoft.TestPlatform.ObjectModel (>= 17.2)
      Newtonsoft.Json (>= 9.0.1)
    Mono.Cecil (0.11.4)
    Newtonsoft.Json (13.0.1)
    NuGet.Frameworks (6.2.1)
    System.Collections.Immutable (6.0)
      System.Runtime.CompilerServices.Unsafe (>= 6.0)
    System.Reflection.Metadata (6.0.1)
      System.Collections.Immutable (>= 6.0)
    System.Runtime.CompilerServices.Unsafe (6.0)
    YoloDev.Expecto.TestSdk (0.13.3)
      Expecto (>= 9.0 < 10.0)
      FSharp.Core (>= 4.6.2)
      System.Collections.Immutable (>= 6.0)
